GEM
  remote: https://rubygems.org/
  specs:
    addressable (2.8.0)
      public_suffix (>= 2.0.2, < 5.0)
    akamai-edgegrid (1.0.6)
      inifile (~> 3.0)
    ansi (1.5.0)
    builder (3.2.3)
    crack (0.4.5)
      rexml
    docker-api (1.34.2)
      excon (>= 0.47.0)
      multi_json
    ethon (0.10.1)
      ffi (>= 1.3.0)
    excon (0.62.0)
    ffi (1.9.14)
    gpgme (2.0.16)
      mini_portile2 (~> 2.3)
    hashdiff (1.0.1)
    inifile (3.0.0)
    metaclass (0.0.4)
    mini_portile2 (2.3.0)
    minitest (5.11.3)
    minitest-reporters (1.3.0)
      ansi
      builder
      minitest (>= 5.0)
      ruby-progressbar
    mocha (1.5.0)
      metaclass (~> 0.0.1)
    multi_json (1.13.1)
    nokogiri (1.8.4)
      mini_portile2 (~> 2.3.0)
    public_suffix (4.0.6)
    rexml (3.2.5)
    ruby-progressbar (1.9.0)
    typhoeus (0.8.0)
      ethon (>= 0.8.0)
    webmock (3.13.0)
      addressable (>= 2.3.6)
      crack (>= 0.3.2)
      hashdiff (>= 0.4.0, < 2.0.0)

PLATFORMS
  ruby

DEPENDENCIES
  akamai-edgegrid (= 1.0.6)
  docker-api
  gpgme
  minitest
  minitest-reporters
  mocha
  nokogiri
  typhoeus
  webmock (>= 3.4.2)

BUNDLED WITH
   1.17.3
